PATH
  remote: .
  specs:
    weather-forecast (0.1.0)

GEM
  remote: https://rubygems.org/
  specs:
    coderay (1.1.2)
    dotenv (2.7.5)
    equatable (0.6.1)
    figlet (1.1.0)
    lolcat (100.0.1)
      manpages (~> 0.6.1)
      optimist (~> 3.0.0)
      paint (~> 2.1)
    manpages (0.6.1)
    method_source (0.9.2)
    mini_portile2 (2.4.0)
    necromancer (0.5.1)
    nokogiri (1.10.4-x64-mingw32)
      mini_portile2 (~> 2.4.0)
    optimist (3.0.0)
    paint (2.2.0)
    pastel (0.7.3)
      equatable (~> 0.6)
      tty-color (~> 0.5)
    pry (0.12.2)
      coderay (~> 1.1.0)
      method_source (~> 0.9.0)
    rake (10.5.0)
    tty-color (0.5.1)
    tty-cursor (0.7.1)
    tty-prompt (0.21.0)
      necromancer (~> 0.5.0)
      pastel (~> 0.7.0)
      tty-reader (~> 0.7.0)
    tty-reader (0.7.0)
      tty-cursor (~> 0.7)
      tty-screen (~> 0.7)
      wisper (~> 2.0.0)
    tty-screen (0.7.1)
    wisper (2.0.1)

PLATFORMS
  x64-mingw32

DEPENDENCIES
  bundler (~> 1.17)
  dotenv
  figlet
  lolcat
  nokogiri (= 1.10.4)
  pry
  rake (~> 10.0)
  tty-prompt
  weather-forecast!

BUNDLED WITH
   1.17.2
